GEM
  remote: https://rubygems.org/
  specs:
    bourbon (4.2.3)
      sass (~> 3.4)
      thor
    sass (3.4.16)
    thor (0.19.1)

PLATFORMS
  x64-mingw32

DEPENDENCIES
  bourbon

BUNDLED WITH
   1.10.6
